GEM
  remote: https://rubygems.org/
  specs:
    coderay (1.1.3)
    method_source (1.0.0)
    mini_magick (4.10.1)
    multi_json (1.15.0)
    pry (0.13.1)
      coderay (~> 1.1)
      method_source (~> 1.0)
    pry-doc (1.1.0)
      pry (~> 0.11)
      yard (~> 0.9.11)
    streamio-ffmpeg (3.0.2)
      multi_json (~> 1.8)
    yard (0.9.25)

PLATFORMS
  ruby

DEPENDENCIES
  mini_magick
  pry
  pry-doc
  streamio-ffmpeg

BUNDLED WITH
   2.1.4
